GIT
  remote: git://github.com/gregbell/active_admin.git
  revision: aa10436f207d6a90989c417f59dfa13d782a76e9
  specs:
    activeadmin (1.0.0.pre)
      arbre (~> 1.0)
      bourbon
      coffee-rails
      devise (~> 3.2)
      formtastic (~> 2.3.0.rc2)
      inherited_resources (~> 1.3)
      jquery-rails
      jquery-ui-rails
      kaminari (~> 0.15)
      rails (>= 3.2, < 4.1)
      ransack (~> 1.0)
      sass-rails

GIT
  remote: https://github.com/net-ssh/net-ssh
  revision: 6fc2b4d782a45ead3cf2ca14b3c3fad1d738acc2
  specs:
    net-ssh (2.8.1)

GEM
  remote: https://rubygems.org/
  specs:
    actionmailer (4.0.2)
      actionpack (= 4.0.2)
      mail (~> 2.5.4)
    actionpack (4.0.2)
      activesupport (= 4.0.2)
      builder (~> 3.1.0)
      erubis (~> 2.7.0)
      rack (~> 1.5.2)
      rack-test (~> 0.6.2)
    activemodel (4.0.2)
      activesupport (= 4.0.2)
      builder (~> 3.1.0)
    activerecord (4.0.2)
      activemodel (= 4.0.2)
      activerecord-deprecated_finders (~> 1.0.2)
      activesupport (= 4.0.2)
      arel (~> 4.0.0)
    activerecord-deprecated_finders (1.0.3)
    activesupport (4.0.2)
      i18n (~> 0.6, >= 0.6.4)
      minitest (~> 4.2)
      multi_json (~> 1.3)
      thread_safe (~> 0.1)
      tzinfo (~> 0.3.37)
    addressable (2.3.5)
    arbre (1.0.1)
      activesupport (>= 3.0.0)
    arel (4.0.1)
    atomic (1.1.14)
    bcrypt-ruby (3.1.2)
    bcrypt-ruby (3.1.2-x86-mingw32)
    best_in_place (0.2.3)
      rails (>= 3.0.0)
    bootstrap-sass (3.0.3.0)
      sass (~> 3.2)
    bourbon (3.1.8)
      sass (>= 3.2.0)
      thor
    builder (3.1.4)
    callsite (0.0.11)
    capistrano (2.15.5)
      highline
      net-scp (>= 1.0.0)
      net-sftp (>= 2.0.0)
      net-ssh (>= 2.0.14)
      net-ssh-gateway (>= 1.1.0)
    carrierwave (0.9.0)
      activemodel (>= 3.2.0)
      activesupport (>= 3.2.0)
      json (>= 1.7)
    ckeditor (4.0.8)
      mime-types
      orm_adapter
    coffee-rails (4.0.1)
      coffee-script (>= 2.2.0)
      railties (>= 4.0.0, < 5.0)
    coffee-script (2.2.0)
      coffee-script-source
      execjs
    coffee-script-source (1.6.3)
    devise (3.2.2)
      bcrypt-ruby (~> 3.0)
      orm_adapter (~> 0.1)
      railties (>= 3.2.6, < 5)
      thread_safe (~> 0.1)
      warden (~> 1.2.3)
    erubis (2.7.0)
    execjs (2.0.2)
    fancybox2-rails (0.2.7)
      railties (>= 3.1.0)
    faraday (0.7.6)
      addressable (~> 2.2)
      multipart-post (~> 1.1)
      rack (~> 1.1)
    formtastic (2.3.0.rc2)
      actionpack (>= 3.0)
    git (1.2.6)
    has_scope (0.6.0.rc)
      actionpack (>= 3.2, < 5)
      activesupport (>= 3.2, < 5)
    highline (1.6.20)
    hike (1.2.3)
    i18n (0.6.9)
    inherited_resources (1.4.1)
      has_scope (~> 0.6.0.rc)
      responders (~> 1.0.0.rc)
    jbuilder (1.5.3)
      activesupport (>= 3.0.0)
      multi_json (>= 1.2.0)
    jeweler (1.8.4)
      bundler (~> 1.0)
      git (>= 1.2.5)
      rake
      rdoc
    jquery-rails (3.0.4)
      railties (>= 3.0, < 5.0)
      thor (>= 0.14, < 2.0)
    jquery-ui-rails (4.1.1)
      railties (>= 3.1.0)
    json (1.8.1)
    kaminari (0.15.1)
      actionpack (>= 3.0.0)
      activesupport (>= 3.0.0)
    kgio (2.8.1)
    mail (2.5.4)
      mime-types (~> 1.16)
      treetop (~> 1.4.8)
    meta_request (0.2.8)
      callsite
      rack-contrib
      railties
    mime-types (1.25.1)
    mini_magick (3.6.0)
      subexec (~> 0.2.1)
    mini_portile (0.5.2)
    minitest (4.7.5)
    multi_json (1.8.4)
    multipart-post (1.2.0)
    nested_form (0.3.2)
    net-scp (1.1.2)
      net-ssh (>= 2.6.5)
    net-sftp (2.1.2)
      net-ssh (>= 2.6.5)
    net-ssh-gateway (1.2.0)
      net-ssh (>= 2.6.5)
    nokogiri (1.6.1)
      mini_portile (~> 0.5.0)
    nokogiri (1.6.1-x86-mingw32)
      mini_portile (~> 0.5.0)
    oauth (0.4.7)
    oauth2 (0.5.2)
      faraday (~> 0.7)
      multi_json (~> 1.0)
    orm_adapter (0.5.0)
    polyamorous (0.6.4)
      activerecord (>= 3.0)
    polyglot (0.3.3)
    protected_attributes (1.0.5)
      activemodel (>= 4.0.1, < 5.0)
    rack (1.5.2)
    rack-contrib (1.1.0)
      rack (>= 0.9.1)
    rack-test (0.6.2)
      rack (>= 1.0)
    rails (4.0.2)
      actionmailer (= 4.0.2)
      actionpack (= 4.0.2)
      activerecord (= 4.0.2)
      activesupport (= 4.0.2)
      bundler (>= 1.3.0, < 2.0)
      railties (= 4.0.2)
      sprockets-rails (~> 2.0.0)
    railties (4.0.2)
      actionpack (= 4.0.2)
      activesupport (= 4.0.2)
      rake (>= 0.8.7)
      thor (>= 0.18.1, < 2.0)
    raindrops (0.12.0)
    rake (10.1.1)
    ransack (1.1.0)
      actionpack (>= 3.0)
      activerecord (>= 3.0)
      polyamorous (~> 0.6.0)
    rdoc (4.1.1)
      json (~> 1.4)
    responders (1.0.0)
      railties (>= 3.2, < 5)
    sass (3.2.14)
    sass-rails (4.0.1)
      railties (>= 4.0.0, < 5.0)
      sass (>= 3.1.10)
      sprockets-rails (~> 2.0.0)
    sdoc (0.4.0)
      json (~> 1.8)
      rdoc (~> 4.0, < 5.0)
    seedbank (0.3.0)
    simple_captcha2 (0.2.1)
      rails (>= 3.1)
    simple_oauth (0.1.9)
    slim (2.0.2)
      temple (~> 0.6.6)
      tilt (>= 1.3.3, < 2.1)
    slim-rails (2.0.4)
      actionpack (>= 3.0, < 4.1)
      activesupport (>= 3.0, < 4.1)
      railties (>= 3.0, < 4.1)
      slim (~> 2.0)
    sprockets (2.10.1)
      hike (~> 1.2)
      multi_json (~> 1.0)
      rack (~> 1.0)
      tilt (~> 1.1, != 1.3.0)
    sprockets-rails (2.0.1)
      actionpack (>= 3.0)
      activesupport (>= 3.0)
      sprockets (~> 2.8)
    sqlite3 (1.3.8)
    sqlite3 (1.3.8-x86-mingw32)
    subexec (0.2.3)
    table_print (1.5.1)
    temple (0.6.7)
    thor (0.18.1)
    thread_safe (0.1.3)
      atomic
    tilt (1.4.1)
    treetop (1.4.15)
      polyglot
      polyglot (>= 0.3.1)
    turbolinks (2.2.0)
      coffee-rails
    tzinfo (0.3.38)
    uglifier (2.4.0)
      execjs (>= 0.3.0)
      json (>= 1.8.0)
    unicorn (4.7.0)
      kgio (~> 2.6)
      rack
      raindrops (~> 0.7)
    warden (1.2.3)
      rack (>= 1.0)
    youtube_it (2.1.4)
      builder
      faraday (~> 0.7.3)
      jeweler (~> 1.8.3)
      oauth (~> 0.4.4)
      oauth2 (~> 0.5.2)
      simple_oauth (~> 0.1.5)

PLATFORMS
  ruby
  x86-mingw32

DEPENDENCIES
  activeadmin!
  best_in_place
  bootstrap-sass
  bourbon
  capistrano (~> 2.15.5)
  carrierwave
  ckeditor
  coffee-rails (~> 4.0.0)
  devise
  fancybox2-rails
  formtastic
  jbuilder (~> 1.2)
  jquery-rails
  meta_request
  mini_magick
  nested_form
  net-ssh (~> 2.8.1)!
  nokogiri
  protected_attributes
  rails (= 4.0.2)
  sass-rails (~> 4.0.0)
  sdoc
  seedbank
  simple_captcha2
  slim-rails
  sqlite3
  table_print
  turbolinks
  uglifier (>= 1.3.0)
  unicorn
  youtube_it
